GEM
  remote: https://rubygems.org/
  specs:
    coderay (1.1.1)
    colorize (0.8.1)
    ffi (1.11.1)
    filigree (0.3.3)
    method_source (0.8.2)
    pry (0.10.3)
      coderay (~> 1.1.0)
      method_source (~> 0.8.1)
      slop (~> 3.4)
    rltk (3.0.1)
      ffi (>= 1.0.0)
      filigree (>= 0.2.0)
    slop (3.6.0)

PLATFORMS
  ruby

DEPENDENCIES
  colorize
  pry
  rltk

BUNDLED WITH
   1.10.6
